GEM
  remote: https://rubygems.org/
  specs:
    json (1.8.2-java)
    nokogiri (1.6.6.2-java)
    rake (10.4.2)
    redis (3.2.1)

PLATFORMS
  java

DEPENDENCIES
  json
  nokogiri
  rake
  redis
